PATH
  remote: vendor/gem-local
  specs:
    activerecord-userstamp (4.0.4)
      rails (>= 4.1)

GEM
  remote: https://rubygems.org/
  specs:
    aasm (5.0.3)
      concurrent-ruby (~> 1.0)
    actioncable (5.2.1.1)
      actionpack (= 5.2.1.1)
      nio4r (~> 2.0)
      websocket-driver (>= 0.6.1)
    actionmailer (5.2.1.1)
      actionpack (= 5.2.1.1)
      actionview (= 5.2.1.1)
      activejob (= 5.2.1.1)
      mail (~> 2.5, >= 2.5.4)
      rails-dom-testing (~> 2.0)
    actionpack (5.2.1.1)
      actionview (= 5.2.1.1)
      activesupport (= 5.2.1.1)
      rack (~> 2.0)
      rack-test (>= 0.6.3)
      rails-dom-testing (~> 2.0)
      rails-html-sanitizer (~> 1.0, >= 1.0.2)
    actionview (5.2.1.1)
      activesupport (= 5.2.1.1)
      builder (~> 3.1)
      erubi (~> 1.4)
      rails-dom-testing (~> 2.0)
      rails-html-sanitizer (~> 1.0, >= 1.0.3)
    activejob (5.2.1.1)
      activesupport (= 5.2.1.1)
      globalid (>= 0.3.6)
    activemodel (5.2.1.1)
      activesupport (= 5.2.1.1)
    activemodel-serializers-xml (1.0.2)
      activemodel (> 5.x)
      activesupport (> 5.x)
      builder (~> 3.1)
    activerecord (5.2.1.1)
      activemodel (= 5.2.1.1)
      activesupport (= 5.2.1.1)
      arel (>= 9.0)
    activerecord-import (1.0.1)
      activerecord (>= 3.2)
    activerecord-session_store (1.1.3)
      actionpack (>= 4.0)
      activerecord (>= 4.0)
      multi_json (~> 1.11, >= 1.11.2)
      rack (>= 1.5.2, < 3)
      railties (>= 4.0)
    activestorage (5.2.1.1)
      actionpack (= 5.2.1.1)
      activerecord (= 5.2.1.1)
      marcel (~> 0.3.1)
    activesupport (5.2.1.1)
      concurrent-ruby (~> 1.0, >= 1.0.2)
      i18n (>= 0.7, < 2)
      minitest (~> 5.1)
      tzinfo (~> 1.1)
    acts-as-taggable-on (6.0.0)
      activerecord (~> 5.0)
    acts_as_list (0.9.19)
      activerecord (>= 3.0)
    addressable (2.6.0)
      public_suffix (>= 2.0.2, < 4.0)
    arel (9.0.0)
    ast (2.4.0)
    aws-ses (0.6.0)
      builder
      mail (> 2.2.5)
      mime-types
      xml-simple
    axiom-types (0.1.1)
      descendants_tracker (~> 0.0.4)
      ice_nine (~> 0.11.0)
      thread_safe (~> 0.3, >= 0.3.1)
    bcrypt (3.1.12)
    benchmark-ips (2.7.2)
    better_errors (2.5.1)
      coderay (>= 1.0.0)
      erubi (>= 1.0.0)
      rack (>= 0.9.0)
    binding_of_caller (0.8.0)
      debug_inspector (>= 0.0.1)
    bootsnap (1.4.3)
      msgpack (~> 1.0)
    brakeman (4.5.0)
    browserify-rails (4.3.0)
      addressable (>= 2.4.0)
      railties (>= 4.0.0)
      sprockets (>= 3.6.0)
    builder (3.2.3)
    bullet (5.9.0)
      activesupport (>= 3.0.0)
      uniform_notifier (~> 1.11)
    bundler-audit (0.6.1)
      bundler (>= 1.2.0, < 3)
      thor (~> 0.18)
    business_time (0.9.3)
      activesupport (>= 3.2.0)
      tzinfo
    by_star (3.0.0)
      activesupport (> 3)
    byebug (11.0.1)
    cells (4.1.7)
      declarative-builder (< 0.2.0)
      declarative-option (< 0.2.0)
      tilt (>= 1.4, < 3)
      uber (< 0.2.0)
    cells-rails (0.0.9)
      actionpack (>= 3.0)
      cells (>= 4.1.6, < 5.0.0)
    cells-slim (0.0.6)
      cells (>= 4.0.1, < 6.0.0)
      slim (~> 3.0)
    chronic (0.10.2)
    cocoon (1.2.12)
    code_analyzer (0.4.8)
      sexp_processor
    codemirror-rails (5.16.0)
      railties (>= 3.0, < 6.0)
    coderay (1.1.2)
    coercible (1.0.0)
      descendants_tracker (~> 0.0.1)
    concurrent-ruby (1.1.5)
    config (1.7.1)
      activesupport (>= 3.0)
      deep_merge (~> 1.2.1)
      dry-validation (>= 0.12.2)
    crass (1.0.4)
    daemons (1.3.1)
    data-confirm-modal (1.6.2)
      railties (>= 3.0)
    debug_inspector (0.0.3)
    declarative-builder (0.1.0)
      declarative-option (< 0.2.0)
    declarative-option (0.1.0)
    deep_merge (1.2.1)
    delayed_job (4.1.5)
      activesupport (>= 3.0, < 5.3)
    delayed_job_active_record (4.1.3)
      activerecord (>= 3.0, < 5.3)
      delayed_job (>= 3.0, < 5)
    delayed_job_web (1.4.3)
      activerecord (> 3.0.0)
      delayed_job (> 2.0.3)
      rack-protection (>= 1.5.5)
      sinatra (>= 1.4.4)
    derailed_benchmarks (1.3.5)
      benchmark-ips (~> 2)
      get_process_mem (~> 0)
      heapy (~> 0)
      memory_profiler (~> 0)
      rack (>= 1)
      rake (> 10, < 13)
      thor (~> 0.19)
    descendants_tracker (0.0.4)
      thread_safe (~> 0.3, >= 0.3.1)
    devise (4.6.2)
      bcrypt (~> 3.0)
      orm_adapter (~> 0.1)
      railties (>= 4.1.0, < 6.0)
      responders
      warden (~> 1.2.3)
    devise-encryptable (0.2.0)
      devise (>= 2.1.0)
    devise-i18n-views (0.3.7)
    diffy (3.3.0)
    dotenv (2.7.2)
    dotenv-rails (2.7.2)
      dotenv (= 2.7.2)
      railties (>= 3.2, < 6.1)
    draper (3.1.0)
      actionpack (>= 5.0)
      activemodel (>= 5.0)
      activemodel-serializers-xml (>= 1.0)
      activesupport (>= 5.0)
      request_store (>= 1.0)
    dry-configurable (0.8.2)
      concurrent-ruby (~> 1.0)
      dry-core (~> 0.4, >= 0.4.7)
    dry-container (0.7.0)
      concurrent-ruby (~> 1.0)
      dry-configurable (~> 0.1, >= 0.1.3)
    dry-core (0.4.7)
      concurrent-ruby (~> 1.0)
    dry-equalizer (0.2.2)
    dry-inflector (0.1.2)
    dry-logic (0.6.1)
      concurrent-ruby (~> 1.0)
      dry-core (~> 0.2)
      dry-equalizer (~> 0.2)
    dry-types (0.14.1)
      concurrent-ruby (~> 1.0)
      dry-container (~> 0.3)
      dry-core (~> 0.4, >= 0.4.4)
      dry-equalizer (~> 0.2)
      dry-inflector (~> 0.1, >= 0.1.2)
      dry-logic (~> 0.5, >= 0.5)
    dry-validation (0.13.1)
      concurrent-ruby (~> 1.0)
      dry-configurable (~> 0.1, >= 0.1.3)
      dry-core (~> 0.2, >= 0.2.1)
      dry-equalizer (~> 0.2)
      dry-logic (~> 0.5, >= 0.5.0)
      dry-types (~> 0.14.0)
    easy_translate (0.5.1)
      thread
      thread_safe
    enum_help (0.0.17)
      activesupport (>= 3.0.0)
    equalizer (0.0.11)
    erubi (1.8.0)
    erubis (2.7.0)
    execjs (2.7.0)
    faraday (0.15.4)
      multipart-post (>= 1.2, < 3)
    ffi (1.10.0)
    font-awesome-rails (4.7.0.5)
      railties (>= 3.2, < 6.1)
    formatador (0.2.5)
    geoip (1.6.4)
    get_process_mem (0.2.3)
    globalid (0.4.2)
      activesupport (>= 4.2.0)
    gon (6.2.1)
      actionpack (>= 3.0)
      multi_json
      request_store (>= 1.0)
    grape (1.2.3)
      activesupport
      builder
      mustermann-grape (~> 1.0.0)
      rack (>= 1.3.0)
      rack-accept
      virtus (>= 1.0.0)
    grape-entity (0.7.1)
      activesupport (>= 4.0)
      multi_json (>= 1.3.2)
    grape-swagger (0.32.1)
      grape (>= 0.16.2)
    grape-swagger-entity (0.3.3)
      grape-entity (>= 0.5.0)
      grape-swagger (>= 0.31.0)
    guard (2.15.0)
      formatador (>= 0.2.4)
      listen (>= 2.7, < 4.0)
      lumberjack (>= 1.0.12, < 2.0)
      nenv (~> 0.1)
      notiffany (~> 0.0)
      pry (>= 0.9.12)
      shellany (~> 0.0)
      thor (>= 0.18.1)
    guard-compat (1.2.1)
    guard-minitest (2.4.6)
      guard-compat (~> 1.2)
      minitest (>= 3.0)
    guard-rubocop (1.3.0)
      guard (~> 2.0)
      rubocop (~> 0.20)
    hashie (3.6.0)
    heapy (0.1.4)
    highline (2.0.2)
    hpricot (0.8.6)
    html2slim (0.2.0)
      hpricot
    i18n (1.6.0)
      concurrent-ruby (~> 1.0)
    i18n-debug (1.2.0)
      i18n (< 2)
    i18n-tasks (0.9.29)
      activesupport (>= 4.0.2)
      ast (>= 2.1.0)
      erubi
      highline (>= 2.0.0)
      i18n
      parser (>= 2.2.3.0)
      rails-i18n
      rainbow (>= 2.2.2, < 4.0)
      terminal-table (>= 1.5.1)
    i18n_generators (2.2.1)
      activerecord (>= 3.0.0)
      railties (>= 3.0.0)
    icalendar (2.5.3)
      ice_cube (~> 0.16)
    ice_cube (0.16.3)
    ice_nine (0.11.2)
    jaro_winkler (1.5.2)
    jquery-ui-rails (6.0.1)
      railties (>= 3.2.16)
    json (2.2.0)
    kaminari (1.1.1)
      activesupport (>= 4.1.0)
      kaminari-actionview (= 1.1.1)
      kaminari-activerecord (= 1.1.1)
      kaminari-core (= 1.1.1)
    kaminari-actionview (1.1.1)
      actionview
      kaminari-core (= 1.1.1)
    kaminari-activerecord (1.1.1)
      activerecord
      kaminari-core (= 1.1.1)
    kaminari-core (1.1.1)
    launchy (2.4.3)
      addressable (~> 2.3)
    letter_opener (1.7.0)
      launchy (~> 2.2)
    letter_opener_web (1.3.4)
      actionmailer (>= 3.2)
      letter_opener (~> 1.0)
      railties (>= 3.2)
    license_finder (5.7.1)
      bundler
      rubyzip
      thor
      toml (= 0.2.0)
      with_env (= 1.1.0)
      xml-simple
    listen (3.1.5)
      rb-fsevent (~> 0.9, >= 0.9.4)
      rb-inotify (~> 0.9, >= 0.9.7)
      ruby_dep (~> 1.2)
    loofah (2.2.3)
      crass (~> 1.0.2)
      nokogiri (>= 1.5.9)
    lumberjack (1.0.13)
    mail (2.7.1)
      mini_mime (>= 0.1.1)
    marcel (0.3.3)
      mimemagic (~> 0.3.2)
    memory_profiler (0.9.13)
    method_source (0.9.2)
    mime-types (3.2.2)
      mime-types-data (~> 3.2015)
    mime-types-data (3.2019.0331)
    mimemagic (0.3.3)
    mini_mime (1.0.1)
    mini_portile2 (2.4.0)
    minitest (5.11.3)
    minitest-ar-assertions (0.1.1)
    minitest-power_assert (0.3.0)
      minitest
      power_assert (>= 1.1)
    minitest-stub_any_instance (1.0.2)
    msgpack (1.2.10)
    multi_json (1.13.1)
    multipart-post (2.0.0)
    mustermann (1.0.3)
    mustermann-grape (1.0.0)
      mustermann (~> 1.0.0)
    mysql2 (0.5.2)
    nenv (0.3.0)
    newrelic_rpm (6.3.0.355)
    nio4r (2.3.1)
    nokogiri (1.10.8)
      mini_portile2 (~> 2.4.0)
    notiffany (0.1.1)
      nenv (~> 0.1)
      shellany (~> 0.0)
    orm_adapter (0.5.0)
    paper_trail (10.3.0)
      activerecord (>= 4.2, < 6.1)
      request_store (~> 1.1)
    paper_trail-association_tracking (2.0.0)
    parallel (1.17.0)
    paranoia (2.4.1)
      activerecord (>= 4.0, < 5.3)
    parser (2.6.2.1)
      ast (~> 2.4.0)
    parslet (1.8.2)
    power_assert (1.1.4)
    pry (0.12.2)
      coderay (~> 1.1.0)
      method_source (~> 0.9.0)
    psych (3.1.0)
    public_suffix (3.0.3)
    puma (3.12.1)
    pundit (2.0.1)
      activesupport (>= 3.0.0)
    rack (2.0.7)
    rack-accept (0.4.5)
      rack (>= 0.4)
    rack-attack (6.0.0)
      rack (>= 1.0, < 3)
    rack-dev-mark (0.7.8)
      rack (>= 1.1, < 2.1)
    rack-mini-profiler (1.0.2)
      rack (>= 1.2.0)
    rack-protection (2.0.5)
      rack
    rack-test (1.1.0)
      rack (>= 1.0, < 3)
    rails (5.2.1.1)
      actioncable (= 5.2.1.1)
      actionmailer (= 5.2.1.1)
      actionpack (= 5.2.1.1)
      actionview (= 5.2.1.1)
      activejob (= 5.2.1.1)
      activemodel (= 5.2.1.1)
      activerecord (= 5.2.1.1)
      activestorage (= 5.2.1.1)
      activesupport (= 5.2.1.1)
      bundler (>= 1.3.0)
      railties (= 5.2.1.1)
      sprockets-rails (>= 2.0.0)
    rails-controller-testing (1.0.4)
      actionpack (>= 5.0.1.x)
      actionview (>= 5.0.1.x)
      activesupport (>= 5.0.1.x)
    rails-dom-testing (2.0.3)
      activesupport (>= 4.2.0)
      nokogiri (>= 1.6)
    rails-html-sanitizer (1.0.4)
      loofah (~> 2.2, >= 2.2.2)
    rails-i18n (5.1.3)
      i18n (>= 0.7, < 2)
      railties (>= 5.0, < 6)
    rails_best_practices (1.19.4)
      activesupport
      code_analyzer (>= 0.4.8)
      erubis
      i18n
      json
      require_all (~> 2.0)
      ruby-progressbar
    rails_db (2.0.6)
      activerecord
      codemirror-rails
      kaminari
      rails (>= 5.0.0)
      ransack
      simple_form (>= 4.0.1)
      terminal-table
    railties (5.2.1.1)
      actionpack (= 5.2.1.1)
      activesupport (= 5.2.1.1)
      method_source
      rake (>= 0.8.7)
      thor (>= 0.19.0, < 2.0)
    rainbow (3.0.0)
    rake (12.3.2)
    ransack (2.1.1)
      actionpack (>= 5.0)
      activerecord (>= 5.0)
      activesupport (>= 5.0)
      i18n
    rb-fsevent (0.10.3)
    rb-inotify (0.10.0)
      ffi (~> 1.0)
    redcarpet (3.4.0)
    request_store (1.4.1)
      rack (>= 1.4)
    require_all (2.0.0)
    responders (2.4.1)
      actionpack (>= 4.2.0, < 6.0)
      railties (>= 4.2.0, < 6.0)
    ridgepole (0.7.7)
      activerecord (>= 5.0.1, < 6)
      diffy
    rubocop (0.67.2)
      jaro_winkler (~> 1.5.1)
      parallel (~> 1.10)
      parser (>= 2.5, != 2.5.1.1)
      psych (>= 3.1.0)
      rainbow (>= 2.2.2, < 4.0)
      ruby-progressbar (~> 1.7)
      unicode-display_width (>= 1.4.0, < 1.6)
    rubocop-performance (1.1.0)
      rubocop (>= 0.67.0)
    ruby-progressbar (1.10.0)
    ruby_dep (1.5.0)
    rubyzip (1.2.2)
    sass (3.7.4)
      sass-listen (~> 4.0.0)
    sass-listen (4.0.0)
      rb-fsevent (~> 0.9, >= 0.9.4)
      rb-inotify (~> 0.9, >= 0.9.7)
    sass-rails (5.0.7)
      railties (>= 4.0.0, < 6)
      sass (~> 3.1)
      sprockets (>= 2.8, < 4.0)
      sprockets-rails (>= 2.0, < 4.0)
      tilt (>= 1.1, < 3)
    sassc (2.0.1)
      ffi (~> 1.9)
      rake
    sassc-rails (2.1.1)
      railties (>= 4.0.0)
      sassc (>= 2.0)
      sprockets (> 3.0)
      sprockets-rails
      tilt
    seedbank (0.5.0)
      rake (>= 10.0)
    sentry-raven (2.9.0)
      faraday (>= 0.7.6, < 1.0)
    sexp_processor (4.12.0)
    shellany (0.0.1)
    simple_form (4.1.0)
      actionpack (>= 5.0)
      activemodel (>= 5.0)
    sinatra (2.0.5)
      mustermann (~> 1.0)
      rack (~> 2.0)
      rack-protection (= 2.0.5)
      tilt (~> 2.0)
    slim (3.0.9)
      temple (>= 0.7.6, < 0.9)
      tilt (>= 1.3.3, < 2.1)
    slim-rails (3.2.0)
      actionpack (>= 3.1)
      railties (>= 3.1)
      slim (>= 3.0, < 5.0)
    slim_lint (0.16.1)
      rake (>= 10, < 13)
      rubocop (>= 0.50.0)
      slim (>= 3.0, < 5.0)
      sysexits (~> 1.1)
    spring (2.0.2)
      activesupport (>= 4.2)
    spring-watcher-listen (2.0.1)
      listen (>= 2.7, < 4.0)
      spring (>= 1.2, < 3.0)
    sprockets (3.7.2)
      concurrent-ruby (~> 1.0)
      rack (> 1, < 3)
    sprockets-rails (3.2.1)
      actionpack (>= 4.0)
      activesupport (>= 4.0)
      sprockets (>= 3.0.0)
    stackprof (0.2.12)
    swagger_ui_engine (1.1.2)
      rails (>= 4.2)
      sass-rails
    sysexits (1.2.0)
    temple (0.8.1)
    terminal-table (1.8.0)
      unicode-display_width (~> 1.1, >= 1.1.1)
    thor (0.20.3)
    thread (0.2.2)
    thread_safe (0.3.6)
    tilt (2.0.9)
    timecop (0.9.1)
    timeliness (0.3.10)
    toml (0.2.0)
      parslet (~> 1.8.0)
    tzinfo (1.2.5)
      thread_safe (~> 0.1)
    uber (0.1.0)
    uglifier (4.1.20)
      execjs (>= 0.3.0, < 3)
    unicode-display_width (1.5.0)
    uniform_notifier (1.12.1)
    validates_timeliness (4.0.2)
      timeliness (~> 0.3.7)
    virtus (1.0.5)
      axiom-types (~> 0.1)
      coercible (~> 1.0)
      descendants_tracker (~> 0.0, >= 0.0.3)
      equalizer (~> 0.0, >= 0.0.9)
    warden (1.2.8)
      rack (>= 2.0.6)
    websocket-driver (0.7.0)
      websocket-extensions (>= 0.1.0)
    websocket-extensions (0.1.3)
    whenever (0.10.0)
      chronic (>= 0.6.3)
    whiny_validation (1.0)
      activemodel
      activesupport
    with_env (1.1.0)
    xml-simple (1.1.5)

PLATFORMS
  ruby

DEPENDENCIES
  aasm
  activerecord-import
  activerecord-session_store
  activerecord-userstamp!
  acts-as-taggable-on
  acts_as_list
  aws-ses
  better_errors
  binding_of_caller
  bootsnap
  brakeman
  browserify-rails
  bullet
  bundler-audit
  business_time
  by_star
  byebug
  cells
  cells-rails
  cells-slim
  cocoon
  config
  daemons
  data-confirm-modal
  delayed_job
  delayed_job_active_record
  delayed_job_web
  derailed_benchmarks
  devise
  devise-encryptable
  devise-i18n-views
  dotenv-rails
  draper
  easy_translate
  enum_help
  font-awesome-rails
  geoip
  gon
  grape
  grape-entity
  grape-swagger
  grape-swagger-entity
  guard
  guard-minitest
  guard-rubocop
  hashie
  html2slim
  i18n-debug
  i18n-tasks (~> 0.9.28)
  i18n_generators
  icalendar
  jquery-ui-rails
  kaminari
  letter_opener_web
  license_finder
  listen (>= 3.0.5)
  memory_profiler
  minitest-ar-assertions
  minitest-power_assert
  minitest-stub_any_instance
  mysql2
  newrelic_rpm
  paper_trail
  paper_trail-association_tracking
  paranoia (~> 2.2)
  puma
  pundit
  rack-attack
  rack-dev-mark
  rack-mini-profiler
  rails (~> 5.2.1.1)
  rails-controller-testing
  rails_best_practices
  rails_db
  ransack
  redcarpet
  responders
  ridgepole (>= 0.7.2)
  rubocop
  rubocop-performance
  sassc-rails
  seedbank
  sentry-raven
  simple_form
  slim
  slim-rails
  slim_lint
  spring
  spring-watcher-listen (~> 2.0.0)
  stackprof
  swagger_ui_engine
  timecop
  uglifier (>= 1.3.0)
  validates_timeliness
  whenever
  whiny_validation
